GEM
  remote: https://rubygems.org/
  specs:
    debug (1.6.3)
      irb (>= 1.3.6)
      reline (>= 0.3.1)
    io-console (0.5.11)
    irb (1.4.3)
      reline (>= 0.3.0)
    mysql2 (0.5.4)
    nio4r (2.5.8)
    puma (5.6.5)
      nio4r (~> 2.0)
    rack (2.2.4)
    reline (0.3.1)
      io-console (~> 0.5)
    roda (3.62.0)
      rack
    sequel (5.62.0)

PLATFORMS
  x86_64-darwin-20

DEPENDENCIES
  debug
  mysql2
  puma
  roda
  sequel

BUNDLED WITH
   2.3.7
